PATH
  remote: .
  specs:
    deployr (0.2.0)
      highline (>= 1.0.0)
      mixlib-cli (>= 1.0.0)
      mixlib-config (>= 1.0.0)
      mixlib-log (>= 1.0.0)
      net-ssh (>= 1.0.0)

GEM
  remote: http://rubygems.org/
  specs:
    diff-lcs (1.1.3)
    highline (1.6.13)
    mixlib-cli (1.2.2)
    mixlib-config (1.1.2)
    mixlib-log (1.4.1)
    net-ssh (2.5.2)
    rspec (2.11.0)
      rspec-core (~> 2.11.0)
      rspec-expectations (~> 2.11.0)
      rspec-mocks (~> 2.11.0)
    rspec-core (2.11.0)
    rspec-expectations (2.11.1)
      diff-lcs (~> 1.1.3)
    rspec-mocks (2.11.1)

PLATFORMS
  ruby

DEPENDENCIES
  deployr!
  rspec
